GEM
  remote: https://rubygems.org/
  specs:
    actioncable (7.2.2.1)
      actionpack (= 7.2.2.1)
      activesupport (= 7.2.2.1)
      nio4r (~> 2.0)
      websocket-driver (>= 0.6.1)
      zeitwerk (~> 2.6)
    actionmailbox (7.2.2.1)
      actionpack (= 7.2.2.1)
      activejob (= 7.2.2.1)
      activerecord (= 7.2.2.1)
      activestorage (= 7.2.2.1)
      activesupport (= 7.2.2.1)
      mail (>= 2.8.0)
    actionmailer (7.2.2.1)
      actionpack (= 7.2.2.1)
      actionview (= 7.2.2.1)
      activejob (= 7.2.2.1)
      activesupport (= 7.2.2.1)
      mail (>= 2.8.0)
      rails-dom-testing (~> 2.2)
    actionpack (7.2.2.1)
      actionview (= 7.2.2.1)
      activesupport (= 7.2.2.1)
      nokogiri (>= 1.8.5)
      racc
      rack (>= 2.2.4, < 3.2)
      rack-session (>= 1.0.1)
      rack-test (>= 0.6.3)
      rails-dom-testing (~> 2.2)
      rails-html-sanitizer (~> 1.6)
      useragent (~> 0.16)
    actiontext (7.2.2.1)
      actionpack (= 7.2.2.1)
      activerecord (= 7.2.2.1)
      activestorage (= 7.2.2.1)
      activesupport (= 7.2.2.1)
      globalid (>= 0.6.0)
      nokogiri (>= 1.8.5)
    actionview (7.2.2.1)
      activesupport (= 7.2.2.1)
      builder (~> 3.1)
      erubi (~> 1.11)
      rails-dom-testing (~> 2.2)
      rails-html-sanitizer (~> 1.6)
    active_link_to (1.0.5)
      actionpack
      addressable
    activejob (7.2.2.1)
      activesupport (= 7.2.2.1)
      globalid (>= 0.3.6)
    activemodel (7.2.2.1)
      activesupport (= 7.2.2.1)
    activerecord (7.2.2.1)
      activemodel (= 7.2.2.1)
      activesupport (= 7.2.2.1)
      timeout (>= 0.4.0)
    activestorage (7.2.2.1)
      actionpack (= 7.2.2.1)
      activejob (= 7.2.2.1)
      activerecord (= 7.2.2.1)
      activesupport (= 7.2.2.1)
      marcel (~> 1.0)
    activesupport (7.2.2.1)
      base64
      benchmark (>= 0.3)
      bigdecimal
      concurrent-ruby (~> 1.0, >= 1.3.1)
      connection_pool (>= 2.2.5)
      drb
      i18n (>= 1.6, < 2)
      logger (>= 1.4.2)
      minitest (>= 5.1)
      securerandom (>= 0.3)
      tzinfo (~> 2.0, >= 2.0.5)
    addressable (2.8.7)
      public_suffix (>= 2.0.2, < 7.0)
    ansi (1.5.0)
    ast (2.4.3)
    backport (1.2.0)
    base64 (0.2.0)
    bcrypt (3.1.20)
    benchmark (0.4.0)
    better_errors (2.10.1)
      erubi (>= 1.0.0)
      rack (>= 0.9.0)
      rouge (>= 1.0.0)
    better_html (2.1.1)
      actionview (>= 6.0)
      activesupport (>= 6.0)
      ast (~> 2.0)
      erubi (~> 1.4)
      parser (>= 2.4)
      smart_properties
    bigdecimal (3.1.9)
    bindex (0.8.1)
    binding_of_caller (1.0.1)
      debug_inspector (>= 1.2.0)
    bootsnap (1.18.4)
      msgpack (~> 1.2)
    brakeman (7.0.2)
      racc
    breadcrumbs_on_rails (4.1.0)
      railties (>= 5.0)
    builder (3.3.0)
    bullet (8.0.5)
      activesupport (>= 3.0.0)
      uniform_notifier (~> 1.11)
    bundle-audit (0.1.0)
      bundler-audit
    bundler-audit (0.9.2)
      bundler (>= 1.2.0, < 3)
      thor (~> 1.0)
    byebug (12.0.0)
    capybara (3.40.0)
      addressable
      matrix
      mini_mime (>= 0.1.3)
      nokogiri (~> 1.11)
      rack (>= 1.6.0)
      rack-test (>= 0.6.3)
      regexp_parser (>= 1.5, < 3.0)
      xpath (~> 3.2)
    capybara-screenshot (1.0.26)
      capybara (>= 1.0, < 4)
      launchy
    carrierwave (2.2.6)
      activemodel (>= 5.0.0)
      activesupport (>= 5.0.0)
      addressable (~> 2.6)
      image_processing (~> 1.1)
      marcel (~> 1.0.0)
      mini_mime (>= 0.1.3)
      ssrf_filter (~> 1.0)
    carrierwave-i18n (0.3.0)
    childprocess (5.1.0)
      logger (~> 1.5)
    chunky_png (1.4.0)
    coderay (1.1.3)
    concurrent-ruby (1.3.5)
    connection_pool (2.5.2)
    cpf_cnpj (1.0.1)
    crass (1.0.6)
    database_cleaner-active_record (2.2.0)
      activerecord (>= 5.a)
      database_cleaner-core (~> 2.0.0)
    database_cleaner-core (2.0.1)
    date (3.4.1)
    debug_inspector (1.2.0)
    devise (4.9.4)
      bcrypt (~> 3.0)
      orm_adapter (~> 0.1)
      railties (>= 4.1.0)
      responders
      warden (~> 1.2.3)
    devise-i18n (1.13.0)
      devise (>= 4.9.0)
      rails-i18n
    diff-lcs (1.6.1)
    docile (1.4.1)
    domain_name (0.6.20240107)
    drb (2.2.1)
    dry-configurable (1.3.0)
      dry-core (~> 1.1)
      zeitwerk (~> 2.6)
    dry-core (1.1.0)
      concurrent-ruby (~> 1.0)
      logger
      zeitwerk (~> 2.6)
    dry-inflector (1.2.0)
    dry-initializer (3.2.0)
    dry-logic (1.6.0)
      bigdecimal
      concurrent-ruby (~> 1.0)
      dry-core (~> 1.1)
      zeitwerk (~> 2.6)
    dry-schema (1.14.1)
      concurrent-ruby (~> 1.0)
      dry-configurable (~> 1.0, >= 1.0.1)
      dry-core (~> 1.1)
      dry-initializer (~> 3.2)
      dry-logic (~> 1.5)
      dry-types (~> 1.8)
      zeitwerk (~> 2.6)
    dry-types (1.8.2)
      bigdecimal (~> 3.0)
      concurrent-ruby (~> 1.0)
      dry-core (~> 1.0)
      dry-inflector (~> 1.0)
      dry-logic (~> 1.4)
      zeitwerk (~> 2.6)
    erb_lint (0.9.0)
      activesupport
      better_html (>= 2.0.1)
      parser (>= 2.7.1.4)
      rainbow
      rubocop (>= 1)
      smart_properties
    erubi (1.13.1)
    exception_notification (5.0.0)
      actionmailer (>= 7.1, < 9)
      activesupport (>= 7.1, < 9)
    factory_bot (6.5.1)
      activesupport (>= 6.1.0)
    factory_bot_rails (6.4.4)
      factory_bot (~> 6.5)
      railties (>= 5.0.0)
    faker (3.5.1)
      i18n (>= 1.8.11, < 2)
    ffi (1.17.2-x86_64-linux-gnu)
    formatador (1.1.0)
    globalid (1.2.1)
      activesupport (>= 6.1)
    guard (2.19.1)
      formatador (>= 0.2.4)
      listen (>= 2.7, < 4.0)
      logger (~> 1.6)
      lumberjack (>= 1.0.12, < 2.0)
      nenv (~> 0.1)
      notiffany (~> 0.0)
      ostruct (~> 0.6)
      pry (>= 0.13.0)
      shellany (~> 0.0)
      thor (>= 0.18.1)
    guard-compat (1.2.1)
    guard-rspec (4.7.3)
      guard (~> 2.1)
      guard-compat (~> 1.1)
      rspec (>= 2.99.0, < 4.0)
    htmlbeautifier (1.4.3)
    http-cookie (1.0.8)
      domain_name (~> 0.5)
    i18n (1.14.7)
      concurrent-ruby (~> 1.0)
    image_processing (1.14.0)
      mini_magick (>= 4.9.5, < 6)
      ruby-vips (>= 2.0.17, < 3)
    importmap-rails (2.1.0)
      actionpack (>= 6.0.0)
      activesupport (>= 6.0.0)
      railties (>= 6.0.0)
    io-console (0.8.0)
    irb (1.15.2)
      pp (>= 0.6.0)
      rdoc (>= 4.0.0)
      reline (>= 0.4.2)
    jaro_winkler (1.6.0)
    json (2.10.2)
    jsonapi-serializer (2.2.0)
      activesupport (>= 4.2)
    kaminari (1.2.2)
      activesupport (>= 4.1.0)
      kaminari-actionview (= 1.2.2)
      kaminari-activerecord (= 1.2.2)
      kaminari-core (= 1.2.2)
    kaminari-actionview (1.2.2)
      actionview
      kaminari-core (= 1.2.2)
    kaminari-activerecord (1.2.2)
      activerecord
      kaminari-core (= 1.2.2)
    kaminari-core (1.2.2)
    kramdown (2.5.1)
      rexml (>= 3.3.9)
    kramdown-parser-gfm (1.1.0)
      kramdown (~> 2.0)
    language_server-protocol (3.17.0.4)
    launchy (3.1.1)
      addressable (~> 2.8)
      childprocess (~> 5.0)
      logger (~> 1.6)
    lint_roller (1.1.0)
    listen (3.9.0)
      rb-fsevent (~> 0.10, >= 0.10.3)
      rb-inotify (~> 0.9, >= 0.9.10)
    logger (1.7.0)
    loofah (2.24.0)
      crass (~> 1.0.2)
      nokogiri (>= 1.12.0)
    lumberjack (1.2.10)
    mail (2.8.1)
      mini_mime (>= 0.1.1)
      net-imap
      net-pop
      net-smtp
    marcel (1.0.4)
    matrix (0.4.2)
    mechanize (2.14.0)
      addressable (~> 2.8)
      base64
      domain_name (~> 0.5, >= 0.5.20190701)
      http-cookie (~> 1.0, >= 1.0.3)
      mime-types (~> 3.3)
      net-http-digest_auth (~> 1.4, >= 1.4.1)
      net-http-persistent (>= 2.5.2, < 5.0.dev)
      nkf
      nokogiri (~> 1.11, >= 1.11.2)
      rubyntlm (~> 0.6, >= 0.6.3)
      webrick (~> 1.7)
      webrobots (~> 0.1.2)
    method_source (1.1.0)
    mime-types (3.6.2)
      logger
      mime-types-data (~> 3.2015)
    mime-types-data (3.2025.0422)
    mini_magick (5.2.0)
      benchmark
      logger
    mini_mime (1.1.5)
    minitest (5.25.5)
    msgpack (1.8.0)
    nenv (0.3.0)
    net-http-digest_auth (1.4.1)
    net-http-persistent (4.0.5)
      connection_pool (~> 2.2)
    net-imap (0.5.7)
      date
      net-protocol
    net-ldap (0.19.0)
    net-pop (0.1.2)
      net-protocol
    net-protocol (0.2.2)
      timeout
    net-smtp (0.5.1)
      net-protocol
    nio4r (2.7.4)
    nkf (0.2.0)
    nokogiri (1.18.8-x86_64-linux-gnu)
      racc (~> 1.4)
    notiffany (0.1.3)
      nenv (~> 0.1)
      shellany (~> 0.0)
    observer (0.1.2)
    orm_adapter (0.5.0)
    ostruct (0.6.1)
    parallel (1.27.0)
    parser (3.3.8.0)
      ast (~> 2.4.1)
      racc
    pg (1.5.9)
    pp (0.6.2)
      prettyprint
    prettyprint (0.2.0)
    prism (1.4.0)
    propshaft (1.1.0)
      actionpack (>= 7.0.0)
      activesupport (>= 7.0.0)
      rack
      railties (>= 7.0.0)
    pry (0.15.2)
      coderay (~> 1.1)
      method_source (~> 1.0)
    psych (3.3.4)
    public_suffix (6.0.1)
    puma (6.6.0)
      nio4r (~> 2.0)
    racc (1.8.1)
    rack (3.1.13)
    rack-session (2.1.0)
      base64 (>= 0.1.0)
      rack (>= 3.0.0)
    rack-test (2.2.0)
      rack (>= 1.3)
    rackup (2.2.1)
      rack (>= 3)
    rails (7.2.2.1)
      actioncable (= 7.2.2.1)
      actionmailbox (= 7.2.2.1)
      actionmailer (= 7.2.2.1)
      actionpack (= 7.2.2.1)
      actiontext (= 7.2.2.1)
      actionview (= 7.2.2.1)
      activejob (= 7.2.2.1)
      activemodel (= 7.2.2.1)
      activerecord (= 7.2.2.1)
      activestorage (= 7.2.2.1)
      activesupport (= 7.2.2.1)
      bundler (>= 1.15.0)
      railties (= 7.2.2.1)
    rails-dom-testing (2.2.0)
      activesupport (>= 5.0.0)
      minitest
      nokogiri (>= 1.6)
    rails-html-sanitizer (1.6.2)
      loofah (~> 2.21)
      nokogiri (>= 1.15.7, != 1.16.7, != 1.16.6, != 1.16.5, != 1.16.4, != 1.16.3, != 1.16.2, != 1.16.1, != 1.16.0.rc1, != 1.16.0)
    rails-i18n (7.0.10)
      i18n (>= 0.7, < 2)
      railties (>= 6.0.0, < 8)
    railties (7.2.2.1)
      actionpack (= 7.2.2.1)
      activesupport (= 7.2.2.1)
      irb (~> 1.13)
      rackup (>= 1.0.0)
      rake (>= 12.2)
      thor (~> 1.0, >= 1.2.2)
      zeitwerk (~> 2.6)
    rainbow (3.1.1)
    rake (13.2.1)
    rb-fsevent (0.11.2)
    rb-inotify (0.11.1)
      ffi (~> 1.0)
    rbs (3.9.2)
      logger
    rdoc (6.3.4.1)
    reek (6.5.0)
      dry-schema (~> 1.13)
      logger (~> 1.6)
      parser (~> 3.3.0)
      rainbow (>= 2.0, < 4.0)
      rexml (~> 3.1)
    regexp_parser (2.10.0)
    reline (0.6.1)
      io-console (~> 0.5)
    responders (3.1.1)
      actionpack (>= 5.2)
      railties (>= 5.2)
    reverse_markdown (3.0.0)
      nokogiri
    rexml (3.4.1)
    rouge (4.5.1)
    rqrcode (3.1.0)
      chunky_png (~> 1.0)
      rqrcode_core (~> 2.0)
    rqrcode_core (2.0.0)
    rspec (3.13.0)
      rspec-core (~> 3.13.0)
      rspec-expectations (~> 3.13.0)
      rspec-mocks (~> 3.13.0)
    rspec-core (3.13.3)
      rspec-support (~> 3.13.0)
    rspec-expectations (3.13.3)
      diff-lcs (>= 1.2.0, < 2.0)
      rspec-support (~> 3.13.0)
    rspec-mocks (3.13.2)
      diff-lcs (>= 1.2.0, < 2.0)
      rspec-support (~> 3.13.0)
    rspec-rails (7.1.1)
      actionpack (>= 7.0)
      activesupport (>= 7.0)
      railties (>= 7.0)
      rspec-core (~> 3.13)
      rspec-expectations (~> 3.13)
      rspec-mocks (~> 3.13)
      rspec-support (~> 3.13)
    rspec-support (3.13.2)
    rubocop (1.75.3)
      json (~> 2.3)
      language_server-protocol (~> 3.17.0.2)
      lint_roller (~> 1.1.0)
      parallel (~> 1.10)
      parser (>= 3.3.0.2)
      rainbow (>= 2.2.2, < 4.0)
      regexp_parser (>= 2.9.3, < 3.0)
      rubocop-ast (>= 1.44.0, < 2.0)
      ruby-progressbar (~> 1.7)
      unicode-display_width (>= 2.4.0, < 4.0)
    rubocop-ast (1.44.1)
      parser (>= 3.3.7.2)
      prism (~> 1.4)
    rubocop-capybara (2.22.1)
      lint_roller (~> 1.1)
      rubocop (~> 1.72, >= 1.72.1)
    rubocop-factory_bot (2.27.1)
      lint_roller (~> 1.1)
      rubocop (~> 1.72, >= 1.72.1)
    rubocop-rails (2.31.0)
      activesupport (>= 4.2.0)
      lint_roller (~> 1.1)
      rack (>= 1.1)
      rubocop (>= 1.75.0, < 2.0)
      rubocop-ast (>= 1.38.0, < 2.0)
    rubocop-rspec (3.6.0)
      lint_roller (~> 1.1)
      rubocop (~> 1.72, >= 1.72.1)
    ruby-progressbar (1.13.0)
    ruby-vips (2.2.3)
      ffi (~> 1.12)
      logger
    rubyntlm (0.6.5)
      base64
    rubyzip (2.4.1)
    securerandom (0.4.1)
    selenium-webdriver (4.10.0)
      rexml (~> 3.2, >= 3.2.5)
      rubyzip (>= 1.2.2, < 3.0)
      websocket (~> 1.0)
    shellany (0.0.1)
    shoulda-matchers (5.3.0)
      activesupport (>= 5.2.0)
    simple_form (5.3.1)
      actionpack (>= 5.2)
      activemodel (>= 5.2)
    simplecov (0.17.1)
      docile (~> 1.1)
      json (>= 1.8, < 3)
      simplecov-html (~> 0.10.0)
    simplecov-console (0.9.3)
      ansi
      simplecov
      terminal-table
    simplecov-html (0.10.2)
    smart_properties (1.17.0)
    solargraph (0.54.0)
      backport (~> 1.2)
      benchmark
      bundler (~> 2.0)
      diff-lcs (~> 1.4)
      jaro_winkler (~> 1.6)
      kramdown (~> 2.3)
      kramdown-parser-gfm (~> 1.1)
      logger (~> 1.6)
      observer (~> 0.1)
      ostruct (~> 0.6)
      parser (~> 3.0)
      rbs (~> 3.3)
      reverse_markdown (>= 2.0, < 4)
      rubocop (~> 1.38)
      thor (~> 1.0)
      tilt (~> 2.0)
      yard (~> 0.9, >= 0.9.24)
      yard-solargraph (~> 0.1)
    ssrf_filter (1.2.0)
    stimulus-rails (1.3.4)
      railties (>= 6.0.0)
    terminal-table (4.0.0)
      unicode-display_width (>= 1.1.1, < 4)
    thor (1.3.2)
    tilt (2.6.0)
    timeout (0.4.3)
    turbo-rails (2.0.13)
      actionpack (>= 7.1.0)
      railties (>= 7.1.0)
    tzinfo (2.0.6)
      concurrent-ruby (~> 1.0)
    unicode-display_width (3.1.4)
      unicode-emoji (~> 4.0, >= 4.0.4)
    unicode-emoji (4.0.4)
    uniform_notifier (1.16.0)
    useragent (0.16.11)
    validators (3.4.2)
    warden (1.2.9)
      rack (>= 2.0.9)
    web-console (4.2.1)
      actionview (>= 6.0.0)
      activemodel (>= 6.0.0)
      bindex (>= 0.4.0)
      railties (>= 6.0.0)
    webdrivers (5.3.1)
      nokogiri (~> 1.6)
      rubyzip (>= 1.3.0)
      selenium-webdriver (~> 4.0, < 4.11)
    webrick (1.9.1)
    webrobots (0.1.2)
    websocket (1.2.11)
    websocket-driver (0.7.7)
      base64
      websocket-extensions (>= 0.1.0)
    websocket-extensions (0.1.5)
    xpath (3.2.0)
      nokogiri (~> 1.8)
    yard (0.9.37)
    yard-solargraph (0.1.0)
      yard (~> 0.9)
    zeitwerk (2.7.2)

PLATFORMS
  x86_64-linux

DEPENDENCIES
  active_link_to
  better_errors
  binding_of_caller
  bootsnap
  brakeman
  breadcrumbs_on_rails
  bullet
  bundle-audit
  byebug
  capybara
  capybara-screenshot
  carrierwave (~> 2.2)
  carrierwave-i18n
  chunky_png
  cpf_cnpj
  database_cleaner-active_record
  devise
  devise-i18n
  erb_lint
  exception_notification
  factory_bot_rails
  faker
  guard-rspec
  htmlbeautifier
  importmap-rails
  jsonapi-serializer
  kaminari
  listen
  mechanize
  mini_magick
  net-ldap
  pg (~> 1.1)
  propshaft
  psych (~> 3.0)
  puma (~> 6)
  rails (~> 7.2.2.1)
  rails-i18n
  reek
  rqrcode
  rspec-rails
  rubocop
  rubocop-capybara
  rubocop-factory_bot
  rubocop-rails
  rubocop-rspec
  selenium-webdriver
  shoulda-matchers (~> 5.3.0)
  simple_form
  simplecov (= 0.17.1)
  simplecov-console
  solargraph
  stimulus-rails
  turbo-rails
  tzinfo-data
  validators
  web-console (>= 3.3.0)
  webdrivers
  yard

RUBY VERSION
   ruby 3.4.3p32

BUNDLED WITH
   2.6.8
